GEM
  remote: https://rubygems.org/
  specs:
    cfndsl (0.5.2)
    rake (11.1.2)

PLATFORMS
  ruby

DEPENDENCIES
  cfndsl
  rake

BUNDLED WITH
   1.11.2
